GEM
  remote: https://rubygems.org/
  specs:
    addressable (2.4.0)
    autoprefixer-rails (6.3.6.1)
      execjs
    bourbon (4.2.7)
      sass (~> 3.4)
      thor (~> 0.19)
    coffee-script (2.4.1)
      coffee-script-source
      execjs
    coffee-script-source (1.10.0)
    colorator (1.1.0)
    concurrent-ruby (1.0.2)
    execjs (2.7.0)
    extras (0.1.0)
      forwardable-extended (~> 2.5)
    fastimage (2.0.0)
      addressable (~> 2)
    ffi (1.12.2)
    forwardable-extended (2.6.0)
    haml (4.0.7)
      tilt
    jekyll (3.6.3)
      addressable (~> 2.4)
      colorator (~> 1.0)
      jekyll-sass-converter (~> 1.0)
      jekyll-watch (~> 1.1)
      kramdown (~> 1.14)
      liquid (~> 4.0)
      mercenary (~> 0.3.3)
      pathutil (~> 0.9)
      rouge (>= 1.7, < 3)
      safe_yaml (~> 1.0)
    jekyll-assets (2.2.7)
      extras (~> 0.1)
      fastimage (~> 2.0, >= 1.8)
      jekyll (~> 3.1, >= 3.0)
      pathutil (>= 0.8)
      sprockets (~> 3.3)
    jekyll-haml (0.1.3)
      haml (>= 3.0.0)
      jekyll (>= 0.10.0)
    jekyll-sass-converter (1.5.2)
      sass (~> 3.4)
    jekyll-seo (0.0.2)
    jekyll-seo-tag (1.4.0)
      jekyll (~> 3.0)
    jekyll-sitemap (0.10.0)
    jekyll-watch (1.5.1)
      listen (~> 3.0)
    kramdown (1.17.0)
    liquid (4.0.3)
    listen (3.2.1)
      rb-fsevent (~> 0.10, >= 0.10.3)
      rb-inotify (~> 0.9, >= 0.9.10)
    mercenary (0.3.6)
    mini_magick (4.5.1)
    neat (1.7.4)
      bourbon (>= 4.0)
      sass (>= 3.3)
    octopress-autoprefixer (2.0.0)
      autoprefixer-rails
      jekyll (~> 3.0)
    pathutil (0.14.0)
      forwardable-extended (~> 2.6)
    rack (1.6.4)
    rb-fsevent (0.10.3)
    rb-inotify (0.10.1)
      ffi (~> 1.0)
    rouge (2.2.1)
    safe_yaml (1.0.5)
    sass (3.4.22)
    sprockets (3.6.0)
      concurrent-ruby (~> 1.0)
      rack (> 1, < 3)
    thor (0.19.1)
    tilt (2.0.4)
    uglifier (3.0.0)
      execjs (>= 0.3.0, < 3)

PLATFORMS
  ruby

DEPENDENCIES
  bourbon
  coffee-script
  jekyll
  jekyll-assets
  jekyll-haml
  jekyll-seo
  jekyll-seo-tag
  jekyll-sitemap
  mini_magick
  neat
  octopress-autoprefixer
  sass
  uglifier

BUNDLED WITH
   1.11.2
